{
  "InstitutionName": "University of Copenhagen",
  "InstitutionalDepartmentName": "NEXS",
  "PowerLineFrequency": 50,
	"ManufacturersModelName": "BioSemi Active-headcap",
	"EEGGround": "n/a",
	"EEGReference": "n/a",
	"TaskName": "Vis-search-int",
	"SoftwareFilters": "n/a",
	"ECGChannelCount": 0,
	"EEGChannelCount": 64,
	"EMGChannelCount": 0,
	"EOGChannelCount": 0,
	"MiscChannelCount": 1,
	"RecordingDuration": 451,
	"SamplingFrequency": 2048,
	"TriggerChannelCount": 0
}
